GIT
  remote: https://github.com/NigelThorne/parslet.git
  revision: be698466bfa21a35d838fc7d3cd741b8aa1977b0
  specs:
    parslet (1.7.0)
      blankslate (~> 2.0)

GEM
  remote: https://rubygems.org/
  specs:
    blankslate (2.1.2.4)
    byebug (6.0.2)
    diff-lcs (1.2.5)
    rspec (3.3.0)
      rspec-core (~> 3.3.0)
      rspec-expectations (~> 3.3.0)
      rspec-mocks (~> 3.3.0)
    rspec-core (3.3.2)
      rspec-support (~> 3.3.0)
    rspec-expectations (3.3.1)
      diff-lcs (>= 1.2.0, < 2.0)
      rspec-support (~> 3.3.0)
    rspec-mocks (3.3.2)
      diff-lcs (>= 1.2.0, < 2.0)
      rspec-support (~> 3.3.0)
    rspec-support (3.3.0)

PLATFORMS
  ruby

DEPENDENCIES
  byebug
  parslet!
  rspec

BUNDLED WITH
   1.10.6
